GEM
  remote: https://rubygems.org/
  specs:
    choice (0.2.0)

PLATFORMS
  ruby

DEPENDENCIES
  choice

BUNDLED WITH
   1.11.2
